GEM
  remote: http://rubygems.org/
  specs:
    builder (3.0.0)
    rspec (1.3.2)

PLATFORMS
  ruby

DEPENDENCIES
  builder
  rspec (~> 1.3)
